GEM
  remote: http://rubygems.org/
  specs:
    chunky_png (1.2.5)
    closure-compiler (1.1.5)
    compass (0.11.7)
      chunky_png (~> 1.2)
      fssm (>= 0.2.7)
      sass (~> 3.1)
    execjs (1.3.0)
      multi_json (~> 1.0)
    fssm (0.2.8.1)
    highline (1.6.11)
    httpclient (2.2.4)
    json (1.6.5)
    json_pure (2.2.0)
    multi_json (1.0.4)
    rake (12.3.3)
    sass (3.1.12)
    smusher (0.4.9)
      httpclient (>= 2.2)
      json
      rake
    term-ansicolor (1.0.7)
    uglifier (1.2.3)
      execjs (>= 0.3.0)
      multi_json (>= 1.0.2)

PLATFORMS
  ruby

DEPENDENCIES
  closure-compiler (>= 1.1.5)
  compass (>= 0.11.7)
  fssm (>= 0.2.8.1)
  highline (~> 1.6.11)
  httpclient (>= 2.2.4)
  json_pure (>= 1.6.3)
  rake (>= 0.9.2.2)
  sass (>= 3.1.12)
  smusher (>= 0.4.9)
  term-ansicolor (>= 1.0.7)
  uglifier (>= 1.2.3)
